PATH
  remote: .
  specs:
    bake-toolkit (2.37.13)
      colored (= 1.2)
      concurrent-ruby (= 1.0.5)
      highline (= 1.7.8)
      rgen (= 0.8.2)
      rtext (= 0.9.0)

GEM
  remote: https://rubygems.org/
  specs:
    colored (1.2)
    concurrent-ruby (1.0.5)
    coveralls (0.8.21)
      json (>= 1.8, < 3)
      simplecov (~> 0.14.1)
      term-ansicolor (~> 1.3)
      thor (~> 0.19.4)
      tins (~> 1.6)
    diff-lcs (1.3)
    docile (1.1.5)
    highline (1.7.8)
    json (2.1.0)
    rake (12.0.0)
    rgen (0.8.2)
    rspec (3.6.0)
      rspec-core (~> 3.6.0)
      rspec-expectations (~> 3.6.0)
      rspec-mocks (~> 3.6.0)
    rspec-core (3.6.0)
      rspec-support (~> 3.6.0)
    rspec-expectations (3.6.0)
      diff-lcs (>= 1.2.0, < 2.0)
      rspec-support (~> 3.6.0)
    rspec-mocks (3.6.0)
      diff-lcs (>= 1.2.0, < 2.0)
      rspec-support (~> 3.6.0)
    rspec-support (3.6.0)
    rtext (0.9.0)
      rgen (>= 0.8.2)
    simplecov (0.14.1)
      docile (~> 1.1.0)
      json (>= 1.8, < 3)
      simplecov-html (~> 0.10.0)
    simplecov-html (0.10.1)
    term-ansicolor (1.6.0)
      tins (~> 1.0)
    thor (0.19.4)
    tins (1.14.0)

PLATFORMS
  ruby
  x86-mingw32

DEPENDENCIES
  bake-toolkit!
  coveralls
  rake
  rspec
  simplecov

BUNDLED WITH
   1.15.1
